PATH
  remote: .
  specs:
    ruboto (2.0.0.dev)
      main (~> 6.0)
      rake (>= 11.3, < 13)
      rubyzip (~> 1.0)

GEM
  remote: http://rubygems.org/
  specs:
    arrayfields (4.9.2)
    ast (2.4.0)
    chronic (0.10.2)
    fattr (2.4.0)
    main (6.3.0)
      arrayfields (~> 4.9, >= 4.9.2)
      chronic (~> 0.10, >= 0.10.2)
      fattr (~> 2.4, >= 2.4.0)
      map (~> 6.6, >= 6.6.0)
    map (6.6.0)
    minitest (5.11.3)
    parallel (1.12.1)
    parser (2.5.1.0)
      ast (~> 2.4.0)
    powerpack (0.1.1)
    rainbow (3.0.0)
    rake (12.3.3)
    rexml (3.2.5)
    rubocop (0.54.0)
      parallel (~> 1.10)
      parser (>= 2.5)
      powerpack (~> 0.1)
      rainbow (>= 2.2.2, < 4.0)
      ruby-progressbar (~> 1.7)
      unicode-display_width (~> 1.0, >= 1.0.1)
    ruby-progressbar (1.9.0)
    rubyzip (1.3.0)
    unicode-display_width (1.3.2)

PLATFORMS
  java
  ruby

DEPENDENCIES
  minitest (~> 5.5)
  rexml (~> 3.2.5)
  rubocop (~> 0.54.0)
  ruboto!

BUNDLED WITH
   1.17.2
